PATH
  remote: .
  specs:
    ruby_multilogger (1.0.0)

GEM
  remote: http://rubygems.org/
  specs:

PLATFORMS
  ruby

DEPENDENCIES
  ruby_multilogger!
